GEM
  remote: http://rubygems.org/
  specs:
    activesupport (3.2.8)
      i18n (~> 0.6)
      multi_json (~> 1.0)
    dotenv (0.2.0)
    i18n (0.6.1)
    multi_json (1.3.6)
    osgb_convert (0.0.4)
    stomp (1.2.6)

PLATFORMS
  ruby

DEPENDENCIES
  activesupport
  dotenv
  osgb_convert
  stomp
