GEM
  remote: http://rubygems.org/
  specs:
    activemodel (3.2.8)
      activesupport (= 3.2.8)
      builder (~> 3.0.0)
    activesupport (3.2.8)
      i18n (~> 0.6)
      multi_json (~> 1.0)
    builder (3.0.3)
    coderay (1.0.8)
    dotenv (0.2.0)
    i18n (0.6.1)
    method_source (0.8)
    mongoid (3.0.9)
      activemodel (~> 3.1)
      moped (~> 1.1)
      origin (~> 1.0)
      tzinfo (~> 0.3.22)
    moped (1.2.7)
    multi_json (1.3.6)
    origin (1.0.9)
    osgb_convert (0.0.4)
    pry (0.9.10)
      coderay (~> 1.0.5)
      method_source (~> 0.8)
      slop (~> 3.3.1)
    slop (3.3.3)
    stomp (1.2.6)
    tzinfo (0.3.33)

PLATFORMS
  ruby

DEPENDENCIES
  activesupport
  dotenv
  mongoid
  osgb_convert
  pry
  stomp
